PATH
  remote: .
  specs:
    rational_choice (2.1.0)

GEM
  remote: https://rubygems.org/
  specs:
    ast (2.4.2)
    diff-lcs (1.5.0)
    parallel (1.21.0)
    parser (2.7.2.0)
      ast (~> 2.4.1)
    powerpack (0.1.3)
    rainbow (3.1.1)
    rake (10.5.0)
    rspec (3.4.0)
      rspec-core (~> 3.4.0)
      rspec-expectations (~> 3.4.0)
      rspec-mocks (~> 3.4.0)
    rspec-core (3.4.4)
      rspec-support (~> 3.4.0)
    rspec-expectations (3.4.0)
      diff-lcs (>= 1.2.0, < 2.0)
      rspec-support (~> 3.4.0)
    rspec-mocks (3.4.1)
      diff-lcs (>= 1.2.0, < 2.0)
      rspec-support (~> 3.4.0)
    rspec-support (3.4.1)
    rubocop (0.52.1)
      parallel (~> 1.10)
      parser (>= 2.4.0.2, < 3.0)
      powerpack (~> 0.1)
      rainbow (>= 2.2.2, < 4.0)
      ruby-progressbar (~> 1.7)
      unicode-display_width (~> 1.0, >= 1.0.1)
    ruby-progressbar (1.11.0)
    unicode-display_width (1.8.0)
    wetransfer_style (0.5.0)
      rubocop (= 0.52.1)

PLATFORMS
  x86_64-darwin-20

DEPENDENCIES
  bundler (~> 2.0)
  rake (~> 10)
  rational_choice!
  rspec (~> 3.4.0)
  wetransfer_style (= 0.5.0)

BUNDLED WITH
   2.3.4
